GEM
  remote: https://rubygems.org/
  specs:
    rfuse (1.1.2)
    rfusefs (1.0.3)
      rfuse (~> 1.1)

PLATFORMS
  ruby

DEPENDENCIES
  rfusefs (~> 1.0, >= 1.0.3)

BUNDLED WITH
   1.11.0
